GEM
  remote: http://rubygems.org/
  specs:
    addressable (2.7.0)
      public_suffix (>= 2.0.2, < 5.0)
    capybara (3.13.2)
      addressable
      mini_mime (>= 0.1.3)
      nokogiri (~> 1.8)
      rack (>= 1.6.0)
      rack-test (>= 0.6.3)
      regexp_parser (~> 1.2)
      xpath (~> 3.2)
    diff-lcs (1.3)
    dotenv (2.6.0)
    faraday (1.0.0)
      multipart-post (>= 1.2, < 3)
    github-markup (3.0.2)
    hashie (3.6.0)
    jwt (2.2.1)
    mini_mime (1.0.1)
    mini_portile2 (2.4.0)
    multi_json (1.14.1)
    multi_xml (0.6.0)
    multipart-post (2.1.1)
    mustermann (1.1.1)
      ruby2_keywords (~> 0.0.1)
    nokogiri (1.10.8)
      mini_portile2 (~> 2.4.0)
    oauth2 (1.4.3)
      faraday (>= 0.8, < 2.0)
      jwt (>= 1.0, < 3.0)
      multi_json (~> 1.3)
      multi_xml (~> 0.5)
      rack (>= 1.2, < 3)
    octokit (4.16.0)
      faraday (>= 0.9)
      sawyer (~> 0.8.0, >= 0.5.3)
    omniauth (1.9.0)
      hashie (>= 3.4.6, < 3.7.0)
      rack (>= 1.6.2, < 3)
    omniauth-github (1.4.0)
      omniauth (~> 1.5)
      omniauth-oauth2 (>= 1.4.0, < 2.0)
    omniauth-oauth2 (1.6.0)
      oauth2 (~> 1.1)
      omniauth (~> 1.9)
    public_suffix (4.0.3)
    rack (2.2.2)
    rack-protection (2.0.8.1)
      rack
    rack-test (1.1.0)
      rack (>= 1.0, < 3)
    rake (13.0.1)
    rdiscount (2.2.0.1)
    regexp_parser (1.3.0)
    rspec (3.8.0)
      rspec-core (~> 3.8.0)
      rspec-expectations (~> 3.8.0)
      rspec-mocks (~> 3.8.0)
    rspec-core (3.8.0)
      rspec-support (~> 3.8.0)
    rspec-expectations (3.8.2)
      diff-lcs (>= 1.2.0, < 2.0)
      rspec-support (~> 3.8.0)
    rspec-mocks (3.8.0)
      diff-lcs (>= 1.2.0, < 2.0)
      rspec-support (~> 3.8.0)
    rspec-support (3.8.0)
    ruby2_keywords (0.0.2)
    sawyer (0.8.2)
      addressable (>= 2.3.5)
      faraday (> 0.8, < 2.0)
    sinatra (2.0.8.1)
      mustermann (~> 1.0)
      rack (~> 2.0)
      rack-protection (= 2.0.8.1)
      tilt (~> 2.0)
    tilt (2.0.10)
    xpath (3.2.0)
      nokogiri (~> 1.8)

PLATFORMS
  ruby

DEPENDENCIES
  capybara
  dotenv
  github-markup
  octokit
  omniauth-github
  rake
  rdiscount
  rspec
  sinatra

RUBY VERSION
   ruby 2.5.1p57
